GIT
  remote: git://github.com/jamesgolick/rollout.git
  revision: 3e7312cc018061b1ac6a8aeb9f11bbd0331da889
  ref: v1.1.0
  specs:
    rollout (1.1.0)

GIT
  remote: git://github.com/rkh/coder.git
  revision: df0b55bbabee114724cfd712f1c98ed954e5163d
  specs:
    coder (0.3.0)

GIT
  remote: git://github.com/rkh/gh.git
  revision: 1dece05c588c63e714520aae686589de1b3bcbd5
  specs:
    gh (0.9.1)
      addressable
      backports (~> 2.3)
      faraday (~> 0.8)
      multi_json (~> 1.0)
      net-http-persistent (>= 2.7)
      net-http-pipeline

GIT
  remote: git://github.com/roidrage/hubble.git
  revision: f5e6301ac24eabeebaf8f4485d71cdcf93b2f3f8
  specs:
    hubble (0.1.2)
      faraday
      json (~> 1.6)

GIT
  remote: git://github.com/svenfuchs/simple_states.git
  revision: b1d45144e6a758220d7b21f83b08dc92de0d3196
  branch: sf-set-state-early
  specs:
    simple_states (0.1.1)
      activesupport
      hashr (~> 0.0.10)

GIT
  remote: git://github.com/travis-ci/travis-core.git
  revision: e428d0b42fad2834ad187c9b3860bb77ec7d13c9
  specs:
    travis-core (0.0.1)
      actionmailer (~> 3.2.11)
      activerecord (~> 3.2.11)
      coder (~> 0.3.0)
      data_migrations (~> 0.0.1)
      gh
      hashr (~> 0.0.19)
      metriks (~> 0.9.7)
      multi_json
      postmark-rails (~> 0.4.1)
      pusher (~> 0.11.0)
      railties (~> 3.2.11)
      rake (~> 0.9.2.2)
      redis (~> 3.0)
      rollout (~> 1.1.0)
      simple_states (~> 0.1.1)
      thor (~> 0.14.6)

GIT
  remote: git://github.com/travis-ci/travis-sidekiqs.git
  revision: 818ac36fb991315e11c0a1369ea7c54639fe28b6
  specs:
    travis-sidekiqs (0.0.1)
      sidekiq (~> 2.6.0)

GIT
  remote: git://github.com/travis-ci/travis-support.git
  revision: ff712aca1083a588974f835a84c574e6976aeb29
  specs:
    travis-support (0.0.1)

GIT
  remote: https://gist.github.com/2087829.git
  revision: c766c06b0bdbda3bd96c3f4e376249cafcbbfaaa
  specs:
    micro_migrations (0.0.1)

GEM
  remote: http://rubygems.org/
  specs:
    actionmailer (3.2.11)
      actionpack (= 3.2.11)
      mail (~> 2.4.4)
    actionpack (3.2.11)
      activemodel (= 3.2.11)
      activesupport (= 3.2.11)
      builder (~> 3.0.0)
      erubis (~> 2.7.0)
      journey (~> 1.0.4)
      rack (~> 1.4.0)
      rack-cache (~> 1.2)
      rack-test (~> 0.6.1)
      sprockets (~> 2.2.1)
    activemodel (3.2.11)
      activesupport (= 3.2.11)
      builder (~> 3.0.0)
    activerecord (3.2.11)
      activemodel (= 3.2.11)
      activesupport (= 3.2.11)
      arel (~> 3.0.2)
      tzinfo (~> 0.3.29)
    activerecord-jdbc-adapter (1.2.2.1)
    activerecord-jdbcpostgresql-adapter (1.2.2.1)
      activerecord-jdbc-adapter (~> 1.2.2.1)
      jdbc-postgres (>= 9.0, < 9.2)
    activesupport (3.2.11)
      i18n (~> 0.6)
      multi_json (~> 1.0)
    addressable (2.3.2)
    arel (3.0.2)
    atomic (1.0.1-java)
    avl_tree (1.1.3)
    backports (2.7.1)
    bouncy-castle-java (1.5.0146.1)
    builder (3.0.4)
    celluloid (0.12.4)
      facter (>= 1.6.12)
      timers (>= 1.0.0)
    coderay (1.0.8)
    connection_pool (1.0.0)
    crack (0.3.2)
    data_migrations (0.0.1)
      activerecord
      rake
    database_cleaner (0.8.0)
    diff-lcs (1.1.3)
    erubis (2.7.0)
    facter (1.6.17)
    faraday (0.8.4)
      multipart-post (~> 1.1)
    guard (1.6.1)
      listen (>= 0.6.0)
      lumberjack (>= 1.0.2)
      pry (>= 0.9.10)
      thor (>= 0.14.6)
    guard-rspec (1.2.1)
      guard (>= 1.1)
    hashr (0.0.22)
    hike (1.2.1)
    hitimes (1.1.1-java)
    hot_bunnies (1.4.0-java)
    i18n (0.6.1)
    jdbc-postgres (9.1.901)
    journey (1.0.4)
    jruby-openssl (0.7.7)
      bouncy-castle-java (>= 1.5.0146.1)
    json (1.7.6-java)
    listen (0.7.2)
    lumberjack (1.0.2)
    mail (2.4.4)
      i18n (>= 0.4.0)
      mime-types (~> 1.16)
      treetop (~> 1.4.8)
    metaclass (0.0.1)
    method_source (0.8.1)
    metriks (0.9.9.2)
      atomic (~> 1.0)
      avl_tree (~> 1.1.2)
      hitimes (~> 1.1)
    mime-types (1.19)
    mocha (0.10.5)
      metaclass (~> 0.0.1)
    multi_json (1.5.0)
    multipart-post (1.1.5)
    net-http-persistent (2.8)
    net-http-pipeline (1.0.1)
    newrelic_rpm (3.4.2.1)
    polyglot (0.3.3)
    postmark (0.9.18)
      json
      rake
    postmark-rails (0.4.1)
      actionmailer
      postmark (>= 0.9.0)
      rake
    pry (0.9.11.4-java)
      coderay (~> 1.0.5)
      method_source (~> 0.8)
      slop (~> 3.4)
      spoon (~> 0.0)
    pusher (0.11.2)
      multi_json (~> 1.0)
      signature (~> 0.1.6)
    rack (1.4.4)
    rack-cache (1.2)
      rack (>= 0.4)
    rack-ssl (1.3.2)
      rack
    rack-test (0.6.2)
      rack (>= 1.0)
    railties (3.2.11)
      actionpack (= 3.2.11)
      activesupport (= 3.2.11)
      rack-ssl (~> 1.3.2)
      rake (>= 0.8.7)
      rdoc (~> 3.4)
      thor (>= 0.14.6, < 2.0)
    rake (0.9.2.2)
    rdoc (3.12)
      json (~> 1.4)
    redis (3.0.2)
    redis-namespace (1.2.1)
      redis (~> 3.0.0)
    rspec (2.7.0)
      rspec-core (~> 2.7.0)
      rspec-expectations (~> 2.7.0)
      rspec-mocks (~> 2.7.0)
    rspec-core (2.7.1)
    rspec-expectations (2.7.0)
      diff-lcs (~> 1.1.2)
    rspec-mocks (2.7.0)
    sidekiq (2.6.5)
      celluloid (~> 0.12.0)
      connection_pool (~> 1.0)
      multi_json (~> 1)
      redis (~> 3)
      redis-namespace
    signature (0.1.6)
    slop (3.4.3)
    spoon (0.0.1)
    sprockets (2.2.2)
      hike (~> 1.2)
      multi_json (~> 1.0)
      rack (~> 1.0)
      tilt (~> 1.1, != 1.3.0)
    thor (0.14.6)
    tilt (1.3.3)
    timers (1.1.0)
    treetop (1.4.12)
      polyglot
      polyglot (>= 0.3.1)
    tzinfo (0.3.35)
    webmock (1.8.11)
      addressable (>= 2.2.7)
      crack (>= 0.1.7)

PLATFORMS
  java

DEPENDENCIES
  activerecord-jdbcpostgresql-adapter (= 1.2.2.1)
  coder!
  data_migrations (~> 0.0.1)
  database_cleaner (~> 0.8.0)
  gh!
  guard
  guard-rspec
  hot_bunnies (~> 1.4.0.pre4)
  hubble!
  jruby-openssl (~> 0.7.7)
  micro_migrations!
  mocha (~> 0.10.0)
  newrelic_rpm (~> 3.4.2)
  rollout!
  rspec (~> 2.7.0)
  sidekiq
  simple_states!
  travis-core!
  travis-sidekiqs!
  travis-support!
  webmock (~> 1.8.0)
