GIT
  remote: https://github.com/travis-ci/gh
  revision: f2fbfbca425f4dea7f80ddb412c30e3367135558
  branch: prd-ruby-upgrade-dev
  specs:
    gh (0.20.0)
      activesupport (>= 5, < 8)
      addressable (~> 2.8)
      faraday (~> 2)
      faraday-retry
      faraday-typhoeus
      multi_json (~> 1)
      net-http-persistent (~> 4)
      net-http-pipeline

GIT
  remote: https://github.com/travis-ci/marginalia
  revision: af24f2a6d2c5da19626bfc469194aecf058e7b3f
  branch: prd-ruby-upgrade-dev
  specs:
    marginalia (1.5.0)
      pg

GIT
  remote: https://github.com/travis-ci/metriks
  revision: 6292ce11b8d22888bd9947b9f38d104834268fa7
  branch: prd-ruby-upgrade-dev
  specs:
    metriks (0.9.9.8)
      HDRHistogram (~> 0.1)
      atomic (~> 1.0)
      avl_tree (~> 1.2)
      hitimes (~> 1.3)

GIT
  remote: https://github.com/travis-ci/metriks-librato_metrics
  revision: 41aca2ed2ab40ecdc1dbebabf70e35a38377d101
  branch: prd-ruby-upgrade-dev
  specs:
    metriks-librato_metrics (1.0.6)

GIT
  remote: https://github.com/travis-ci/rollout
  revision: 3907bb9cf1774e81b38ee434624b0402bc93f2ff
  branch: prd-ruby-upgrade-dev
  specs:
    rollout (2.5.0)
      redis (~> 5.0)

GIT
  remote: https://github.com/travis-ci/simple_states
  revision: 240cebde9178f7e8a520e3566ed9875bf69799ac
  branch: master
  specs:
    simple_states (2.0.1)

GIT
  remote: https://github.com/travis-ci/travis-config
  revision: f02604a813cce3a672ae89cd7e4adaa30b001532
  branch: prd-ruby-upgrade-dev
  specs:
    travis-config (1.1.5)
      hashr (~> 2.0)

GIT
  remote: https://github.com/travis-ci/travis-encrypt
  revision: a89ad8a7e723cf95ba28051cb624b3d78b8cbaf0
  branch: prd-ruby-upgrade-dev
  specs:
    travis-encrypt (0.0.5)

GIT
  remote: https://github.com/travis-ci/travis-exceptions
  revision: 9bcf5989b9a6444a8a954540c26ba9fd4fd2ee85
  branch: prd-ruby-upgrade-dev
  specs:
    travis-exceptions (0.0.2)
      sentry-ruby

GIT
  remote: https://github.com/travis-ci/travis-lock
  revision: 46950a25cca6c3e4626bf7304787c02ce96eb5c6
  branch: prd-ruby-upgrade-dev
  specs:
    travis-lock (0.1.1)

GIT
  remote: https://github.com/travis-ci/travis-logger
  revision: 6f0627028d027a6ae9b74bbb654c9b5c37c76ee5
  branch: prd-ruby-upgrade-dev
  specs:
    travis-logger (0.0.1)

GIT
  remote: https://github.com/travis-ci/travis-metrics
  revision: c776366d7182829da5abf9e48b42c416249a0043
  branch: prd-ruby-upgrade-dev
  specs:
    travis-metrics (2.0.0)
      metriks-librato_metrics (~> 1.0)

GIT
  remote: https://github.com/travis-ci/travis-support
  revision: 77f8dad236002e6103cfdb796308e1a11d8d441e
  branch: prd-ruby-upgrade-dev
  specs:
    travis-support (0.0.1)

GEM
  remote: https://gems.contribsys.com/
  specs:
    sidekiq-pro (7.1.3)
      sidekiq (>= 7.1.0, < 8)

GEM
  remote: https://rubygems.org/
  specs:
    HDRHistogram (0.1.11)
    activemodel (7.0.6)
      activesupport (= 7.0.6)
    activerecord (7.0.6)
      activemodel (= 7.0.6)
      activesupport (= 7.0.6)
    activesupport (7.0.6)
      concurrent-ruby (~> 1.0, >= 1.0.2)
      i18n (>= 1.6, < 2)
      minitest (>= 5.1)
      tzinfo (~> 2.0)
    addressable (2.8.4)
      public_suffix (>= 2.0.2, < 6.0)
    amq-protocol (2.3.2)
    ansi (1.5.0)
    ast (2.4.2)
    atomic (1.1.101)
    avl_tree (1.2.1)
      atomic (~> 1.1)
    bunny (2.22.0)
      amq-protocol (~> 2.3, >= 2.3.1)
      sorted_set (~> 1, >= 1.0.2)
    coder (0.4.0)
    coderay (1.1.3)
    concurrent-ruby (1.2.2)
    connection_pool (2.4.1)
    crack (0.4.5)
      rexml
    dalli (3.2.5)
    database_cleaner (2.0.2)
      database_cleaner-active_record (>= 2, < 3)
    database_cleaner-active_record (2.1.0)
      activerecord (>= 5.a)
      database_cleaner-core (~> 2.0.0)
    database_cleaner-core (2.0.1)
    diff-lcs (1.5.0)
    docile (1.4.0)
    domain_name (0.5.20190701)
      unf (>= 0.0.5, < 1.0.0)
    ethon (0.16.0)
      ffi (>= 1.15.0)
    excon (0.100.0)
    factory_bot (6.2.1)
      activesupport (>= 5.0.0)
    faraday (2.7.10)
      faraday-net_http (>= 2.0, < 3.1)
      ruby2_keywords (>= 0.0.4)
    faraday-net_http (3.0.2)
    faraday-retry (2.2.0)
      faraday (~> 2.0)
    faraday-typhoeus (1.0.0)
      faraday (~> 2.0)
      typhoeus (~> 1.4)
    ffi (1.15.5)
    ffi-compiler (1.0.1)
      ffi (>= 1.0.0)
      rake
    hashdiff (1.0.1)
    hashr (2.0.1)
    hitimes (1.3.1)
    http (5.1.1)
      addressable (~> 2.8)
      http-cookie (~> 1.0)
      http-form_data (~> 2.2)
      llhttp-ffi (~> 0.4.0)
    http-cookie (1.0.5)
      domain_name (~> 0.5)
    http-form_data (2.3.0)
    i18n (1.14.1)
      concurrent-ruby (~> 1.0)
    json (2.6.3)
    jwt (2.7.1)
    keen (1.1.1)
      addressable (~> 2.5)
      multi_json (~> 1.12)
    language_server-protocol (3.17.0.3)
    libhoney (2.2.0)
      addressable (~> 2.0)
      excon
      http (>= 2.0, < 6.0)
    llhttp-ffi (0.4.0)
      ffi-compiler (~> 1.0)
      rake (~> 13.0)
    method_source (1.0.0)
    minitest (5.19.0)
    mocha (2.1.0)
      ruby2_keywords (>= 0.0.5)
    multi_json (1.15.0)
    mustermann (3.0.0)
      ruby2_keywords (~> 0.0.1)
    net-http-persistent (4.0.2)
      connection_pool (~> 2.2)
    net-http-pipeline (1.0.1)
    nio4r (2.5.9)
    parallel (1.23.0)
    parser (3.2.2.3)
      ast (~> 2.4.1)
      racc
    pg (1.5.3)
    pry (0.14.2)
      coderay (~> 1.1)
      method_source (~> 1.0)
    public_suffix (5.0.3)
    puma (6.3.0)
      nio4r (~> 2.0)
    racc (1.7.1)
    rack (2.2.8)
    rack-protection (3.0.6)
      rack
    rack-ssl (1.4.1)
      rack
    rack-test (2.1.0)
      rack (>= 1.3)
    rainbow (3.1.1)
    rake (13.0.6)
    rbtree (0.4.6)
    redis (5.0.6)
      redis-client (>= 0.9.0)
    redis-client (0.14.1)
      connection_pool
    redlock (2.0.2)
      redis-client (~> 0.14.1)
    regexp_parser (2.8.1)
    rexml (3.2.6)
    rspec (3.12.0)
      rspec-core (~> 3.12.0)
      rspec-expectations (~> 3.12.0)
      rspec-mocks (~> 3.12.0)
    rspec-core (3.12.2)
      rspec-support (~> 3.12.0)
    rspec-expectations (3.12.3)
      diff-lcs (>= 1.2.0, < 2.0)
      rspec-support (~> 3.12.0)
    rspec-mocks (3.12.6)
      diff-lcs (>= 1.2.0, < 2.0)
      rspec-support (~> 3.12.0)
    rspec-support (3.12.1)
    rubocop (1.55.1)
      json (~> 2.3)
      language_server-protocol (>= 3.17.0)
      parallel (~> 1.10)
      parser (>= 3.2.2.3)
      rainbow (>= 2.2.2, < 4.0)
      regexp_parser (>= 1.8, < 3.0)
      rexml (>= 3.2.5, < 4.0)
      rubocop-ast (>= 1.28.1, < 2.0)
      ruby-progressbar (~> 1.7)
      unicode-display_width (>= 2.4.0, < 3.0)
    rubocop-ast (1.29.0)
      parser (>= 3.2.1.0)
    rubocop-capybara (2.18.0)
      rubocop (~> 1.41)
    rubocop-factory_bot (2.23.1)
      rubocop (~> 1.33)
    rubocop-performance (1.18.0)
      rubocop (>= 1.7.0, < 2.0)
      rubocop-ast (>= 0.4.0)
    rubocop-rspec (2.23.0)
      rubocop (~> 1.33)
      rubocop-capybara (~> 2.17)
      rubocop-factory_bot (~> 2.22)
    ruby-progressbar (1.13.0)
    ruby2_keywords (0.0.5)
    sentry-ruby (5.10.0)
      concurrent-ruby (~> 1.0, >= 1.0.2)
    set (1.0.3)
    sidekiq (7.1.2)
      concurrent-ruby (< 2)
      connection_pool (>= 2.3.0)
      rack (>= 2.2.4)
      redis-client (>= 0.14.0)
    simplecov (0.22.0)
      docile (~> 1.1)
      simplecov-html (~> 0.11)
      simplecov_json_formatter (~> 0.1)
    simplecov-console (0.9.1)
      ansi
      simplecov
      terminal-table
    simplecov-html (0.12.3)
    simplecov_json_formatter (0.1.4)
    sinatra (3.0.6)
      mustermann (~> 3.0)
      rack (~> 2.2, >= 2.2.4)
      rack-protection (= 3.0.6)
      tilt (~> 2.0)
    sinatra-contrib (3.0.6)
      multi_json
      mustermann (~> 3.0)
      rack-protection (= 3.0.6)
      sinatra (= 3.0.6)
      tilt (~> 2.0)
    sorted_set (1.0.3)
      rbtree
      set (~> 1.0)
    terminal-table (3.0.2)
      unicode-display_width (>= 1.1.1, < 3)
    tilt (2.2.0)
    travis-rollout (0.0.2)
    typhoeus (1.4.0)
      ethon (>= 0.9.0)
    tzinfo (2.0.6)
      concurrent-ruby (~> 1.0)
    unf (0.1.4)
      unf_ext
    unf_ext (0.0.8.2)
    unicode-display_width (2.4.2)
    webmock (3.18.1)
      addressable (>= 2.8.0)
      crack (>= 0.3.2)
      hashdiff (>= 0.4.0, < 2.0.0)

PLATFORMS
  x86_64-linux

DEPENDENCIES
  activerecord (~> 7)
  bunny
  coder
  dalli
  database_cleaner
  factory_bot
  faraday
  gh!
  jwt
  keen
  libhoney
  marginalia!
  metriks!
  metriks-librato_metrics!
  mocha (~> 2)
  multi_json
  pg (~> 1)
  pry
  puma (~> 6)
  rack-ssl
  rack-test
  rake
  redis (~> 5)
  redlock
  rollout!
  rspec (~> 3.12)
  rubocop
  rubocop-performance
  rubocop-rspec
  sentry-ruby
  sidekiq-pro!
  simple_states!
  simplecov
  simplecov-console
  sinatra (~> 3)
  sinatra-contrib
  travis-config!
  travis-encrypt!
  travis-exceptions!
  travis-lock!
  travis-logger!
  travis-metrics!
  travis-rollout (~> 0.0.2)
  travis-support!
  webmock

RUBY VERSION
   ruby 3.2.2p53

BUNDLED WITH
   2.4.17
