GIT
  remote: https://github.com/travis-ci/gh
  revision: 3319c500df8b8bdde82ee7c330cc7f971fee2c20
  specs:
    gh (0.15.1)
      addressable (~> 2.8.0)
      backports
      faraday (~> 1.0)
      multi_json (~> 1.0)
      net-http-persistent (~> 2.9)
      net-http-pipeline

GIT
  remote: https://github.com/travis-ci/marginalia
  revision: 07f19a9ee5869a4557437a9f24608c7b1c4275bf
  specs:
    marginalia (1.6.0)
      pg (~> 1.3)

GIT
  remote: https://github.com/travis-ci/metriks
  revision: ca03449b2928962e41c8389283bd092053e91670
  specs:
    metriks (0.9.9.8)
      HDRHistogram (~> 0.1)
      atomic (~> 1.0)
      avl_tree (~> 1.2)
      hitimes (~> 1.3)

GIT
  remote: https://github.com/travis-ci/metriks-librato_metrics
  revision: e876ca2f0e1abcc745260c3772118e63fb946c8a
  specs:
    metriks-librato_metrics (1.0.6)

GIT
  remote: https://github.com/travis-ci/rollout
  revision: 4a7a0b96dc038f7ca057ca771693d8f5a7c90583
  specs:
    rollout (2.5.0)
      redis (~> 4.0)

GIT
  remote: https://github.com/travis-ci/simple_states
  revision: 240cebde9178f7e8a520e3566ed9875bf69799ac
  branch: master
  specs:
    simple_states (2.0.1)

GIT
  remote: https://github.com/travis-ci/travis-config
  revision: 601e9a6dcb799dc14944c40153c60aaf935629ee
  specs:
    travis-config (2.0.0)
      hashr (~> 2.0)

GIT
  remote: https://github.com/travis-ci/travis-encrypt
  revision: 71c202ac2bcabd772f31f5904f8ab06c911e9389
  specs:
    travis-encrypt (0.0.6)

GIT
  remote: https://github.com/travis-ci/travis-exceptions
  revision: 7da3ea3b38349d66ea8f27c33d643e4af5087599
  specs:
    travis-exceptions (0.1.0)
      sentry-ruby

GIT
  remote: https://github.com/travis-ci/travis-lock
  revision: aeee7b5d11e3d44f19d0a113c2e54ec54756f20f
  specs:
    travis-lock (0.2.0)

GIT
  remote: https://github.com/travis-ci/travis-logger
  revision: c754e91f959015ac9ebe98e5082efdaf3754863d
  specs:
    travis-logger (0.1.0)

GIT
  remote: https://github.com/travis-ci/travis-metrics
  revision: 0b6a8accc70685a1cb65f1ec5305bceab41ad777
  specs:
    travis-metrics (3.0.0)
      metriks-librato_metrics (~> 1.0)

GIT
  remote: https://github.com/travis-ci/travis-rollout
  revision: 4e89a17a4b5ca1f6269fb8bc1d067faabc49ac92
  specs:
    travis-rollout (0.1.0)

GIT
  remote: https://github.com/travis-ci/travis-support
  revision: 8b566a94502267b3115c901f8409dc2165b6539b
  specs:
    travis-support (0.1.0)

GEM
  remote: https://gems.contribsys.com/
  specs:
    sidekiq-pro (5.1.1)
      connection_pool (>= 2.2.3)
      sidekiq (>= 6.1.0)

GEM
  remote: https://rubygems.org/
  specs:
    HDRHistogram (0.1.11)
    activemodel (7.0.8.1)
      activesupport (= 7.0.8.1)
    activerecord (7.0.8.1)
      activemodel (= 7.0.8.1)
      activesupport (= 7.0.8.1)
    activesupport (7.0.8.1)
      concurrent-ruby (~> 1.0, >= 1.0.2)
      i18n (>= 1.6, < 2)
      minitest (>= 5.1)
      tzinfo (~> 2.0)
    addressable (2.8.6)
      public_suffix (>= 2.0.2, < 6.0)
    amq-protocol (2.3.2)
    ansi (1.5.0)
    ast (2.4.2)
    atomic (1.1.101)
    avl_tree (1.2.1)
      atomic (~> 1.1)
    backports (3.25.0)
    base64 (0.2.0)
    bigdecimal (3.1.6)
    bunny (2.22.0)
      amq-protocol (~> 2.3, >= 2.3.1)
      sorted_set (~> 1, >= 1.0.2)
    coder (0.4.0)
    coderay (1.1.3)
    concurrent-ruby (1.2.3)
    connection_pool (2.4.1)
    crack (1.0.0)
      bigdecimal
      rexml
    dalli (3.2.8)
    database_cleaner (2.0.2)
      database_cleaner-active_record (>= 2, < 3)
    database_cleaner-active_record (2.1.0)
      activerecord (>= 5.a)
      database_cleaner-core (~> 2.0.0)
    database_cleaner-core (2.0.1)
    diff-lcs (1.5.1)
    docile (1.4.0)
    domain_name (0.6.20240107)
    excon (0.109.0)
    factory_bot (6.4.6)
      activesupport (>= 5.0.0)
    faraday (1.2.0)
      multipart-post (>= 1.2, < 3)
      ruby2_keywords
    ffi (1.16.3)
    ffi-compiler (1.0.1)
      ffi (>= 1.0.0)
      rake
    hashdiff (1.1.0)
    hashr (2.0.1)
    hitimes (1.3.1)
    http (5.2.0)
      addressable (~> 2.8)
      base64 (~> 0.1)
      http-cookie (~> 1.0)
      http-form_data (~> 2.2)
      llhttp-ffi (~> 0.5.0)
    http-cookie (1.0.5)
      domain_name (~> 0.5)
    http-form_data (2.3.0)
    i18n (1.14.1)
      concurrent-ruby (~> 1.0)
    json (2.7.1)
    jwt (2.8.0)
      base64
    keen (1.1.1)
      addressable (~> 2.5)
      multi_json (~> 1.12)
    language_server-protocol (3.17.0.3)
    libhoney (2.2.0)
      addressable (~> 2.0)
      excon
      http (>= 2.0, < 6.0)
    llhttp-ffi (0.5.0)
      ffi-compiler (~> 1.0)
      rake (~> 13.0)
    method_source (1.0.0)
    minitest (5.22.2)
    mocha (2.1.0)
      ruby2_keywords (>= 0.0.5)
    multi_json (1.15.0)
    multipart-post (2.4.0)
    mustermann (3.0.0)
      ruby2_keywords (~> 0.0.1)
    net-http-persistent (2.9.4)
    net-http-pipeline (1.0.1)
    nio4r (2.7.0)
    parallel (1.24.0)
    parser (3.3.0.5)
      ast (~> 2.4.1)
      racc
    pg (1.5.5)
    pry (0.14.2)
      coderay (~> 1.1)
      method_source (~> 1.0)
    public_suffix (5.0.4)
    puma (6.4.2)
      nio4r (~> 2.0)
    racc (1.7.3)
    rack (2.2.8.1)
    rack-protection (3.2.0)
      base64 (>= 0.1.0)
      rack (~> 2.2, >= 2.2.4)
    rack-ssl (1.4.1)
      rack
    rack-test (2.1.0)
      rack (>= 1.3)
    rainbow (3.1.1)
    rake (13.1.0)
    rbtree (0.4.6)
    redis (4.8.1)
    redis-client (0.20.0)
      connection_pool
    redlock (2.0.6)
      redis-client (>= 0.14.1, < 1.0.0)
    regexp_parser (2.9.0)
    rexml (3.2.6)
    rspec (3.13.0)
      rspec-core (~> 3.13.0)
      rspec-expectations (~> 3.13.0)
      rspec-mocks (~> 3.13.0)
    rspec-core (3.13.0)
      rspec-support (~> 3.13.0)
    rspec-expectations (3.13.0)
      diff-lcs (>= 1.2.0, < 2.0)
      rspec-support (~> 3.13.0)
    rspec-mocks (3.13.0)
      diff-lcs (>= 1.2.0, < 2.0)
      rspec-support (~> 3.13.0)
    rspec-support (3.13.1)
    rubocop (1.60.2)
      json (~> 2.3)
      language_server-protocol (>= 3.17.0)
      parallel (~> 1.10)
      parser (>= 3.3.0.2)
      rainbow (>= 2.2.2, < 4.0)
      regexp_parser (>= 1.8, < 3.0)
      rexml (>= 3.2.5, < 4.0)
      rubocop-ast (>= 1.30.0, < 2.0)
      ruby-progressbar (~> 1.7)
      unicode-display_width (>= 2.4.0, < 3.0)
    rubocop-ast (1.30.0)
      parser (>= 3.2.1.0)
    rubocop-capybara (2.20.0)
      rubocop (~> 1.41)
    rubocop-factory_bot (2.25.1)
      rubocop (~> 1.41)
    rubocop-performance (1.20.2)
      rubocop (>= 1.48.1, < 2.0)
      rubocop-ast (>= 1.30.0, < 2.0)
    rubocop-rspec (2.26.1)
      rubocop (~> 1.40)
      rubocop-capybara (~> 2.17)
      rubocop-factory_bot (~> 2.22)
    ruby-progressbar (1.13.0)
    ruby2_keywords (0.0.5)
    sentry-ruby (5.16.1)
      concurrent-ruby (~> 1.0, >= 1.0.2)
    set (1.1.0)
    sidekiq (6.5.12)
      connection_pool (>= 2.2.5, < 3)
      rack (~> 2.0)
      redis (>= 4.5.0, < 5)
    simplecov (0.22.0)
      docile (~> 1.1)
      simplecov-html (~> 0.11)
      simplecov_json_formatter (~> 0.1)
    simplecov-console (0.9.1)
      ansi
      simplecov
      terminal-table
    simplecov-html (0.12.3)
    simplecov_json_formatter (0.1.4)
    sinatra (3.2.0)
      mustermann (~> 3.0)
      rack (~> 2.2, >= 2.2.4)
      rack-protection (= 3.2.0)
      tilt (~> 2.0)
    sinatra-contrib (3.2.0)
      multi_json (>= 0.0.2)
      mustermann (~> 3.0)
      rack-protection (= 3.2.0)
      sinatra (= 3.2.0)
      tilt (~> 2.0)
    sorted_set (1.0.3)
      rbtree
      set (~> 1.0)
    terminal-table (3.0.2)
      unicode-display_width (>= 1.1.1, < 3)
    tilt (2.3.0)
    tzinfo (2.0.6)
      concurrent-ruby (~> 1.0)
    unicode-display_width (2.5.0)
    webmock (3.23.0)
      addressable (>= 2.8.0)
      crack (>= 0.3.2)
      hashdiff (>= 0.4.0, < 2.0.0)

PLATFORMS
  arm64-darwin-23
  x86_64-linux

DEPENDENCIES
  activerecord (~> 7)
  addressable (~> 2.8.6)
  bunny
  coder
  dalli
  database_cleaner
  factory_bot
  faraday
  gh!
  jwt
  keen
  libhoney
  marginalia!
  metriks!
  metriks-librato_metrics!
  mocha (~> 2)
  multi_json
  pg (~> 1)
  pry
  puma (~> 6)
  rack-ssl
  rack-test
  rake
  redis
  redlock
  rollout!
  rspec (~> 3.12)
  rubocop
  rubocop-performance
  rubocop-rspec
  sentry-ruby
  sidekiq (~> 6.4)
  sidekiq-pro!
  simple_states!
  simplecov
  simplecov-console
  sinatra (~> 3)
  sinatra-contrib
  travis-config!
  travis-encrypt!
  travis-exceptions!
  travis-lock!
  travis-logger!
  travis-metrics!
  travis-rollout!
  travis-support!
  webmock

RUBY VERSION
   ruby 3.2.2p53

BUNDLED WITH
   2.4.19
