GIT
  remote: https://github.com/svenfuchs/simple_states
  revision: 240cebde9178f7e8a520e3566ed9875bf69799ac
  specs:
    simple_states (2.0.1)

GIT
  remote: https://github.com/travis-ci/gh
  revision: 7c4a4707dfbd060e93576eb1fa21cd2b7ba3e3ae
  branch: tcie3-0_15_2
  specs:
    gh (0.15.1)
      addressable (~> 2.8.0)
      backports
      faraday (~> 1.0)
      multi_json (~> 1.0)
      net-http-persistent (~> 2.9)
      net-http-pipeline

GIT
  remote: https://github.com/travis-ci/jemalloc-rb
  revision: af46aa864c867dbd2ad62b036401dba7b16dffd5
  branch: jemalloc-v-3-new-rake
  specs:
    jemalloc (1.1.3)

GIT
  remote: https://github.com/travis-ci/marginalia
  revision: 07f19a9ee5869a4557437a9f24608c7b1c4275bf
  branch: 5.x
  specs:
    marginalia (1.6.0)
      pg (~> 1.3)

GIT
  remote: https://github.com/travis-ci/metriks
  revision: 9b5a34fecebecc741417b25e43c340394aa6cc5e
  specs:
    metriks (0.9.9.8)
      HDRHistogram (~> 0.1.3)
      atomic (~> 1.0)
      avl_tree (~> 1.2.0)
      hitimes (~> 1.1)

GIT
  remote: https://github.com/travis-ci/metriks-librato_metrics
  revision: 7ec1c97f4f6f783d2a04c7922baac98a9fbbba25
  specs:
    metriks-librato_metrics (1.0.6)
      metriks (>= 0.9.9.6)

GIT
  remote: https://github.com/travis-ci/travis-config
  revision: a64596623f8f8ee70838a4dc4d7803906a049733
  specs:
    travis-config (1.0.13)
      hashr (~> 2.0.0)

GIT
  remote: https://github.com/travis-ci/travis-exceptions
  revision: 71b11939f1f3b86d1e2fd94f3b9b8f78af290e12
  specs:
    travis-exceptions (0.0.2)
      sentry-raven

GIT
  remote: https://github.com/travis-ci/travis-lock
  revision: b418401c79e082aa53a62364f7b01a9be6f0d768
  specs:
    travis-lock (0.1.1)

GIT
  remote: https://github.com/travis-ci/travis-logger
  revision: 765046a4746617a70395fe2200e8a91dc416f1b3
  specs:
    travis-logger (0.0.1)

GIT
  remote: https://github.com/travis-ci/travis-metrics
  revision: ce620aecdf179ea82280872ec56aa3095a2e59a5
  specs:
    travis-metrics (2.0.0)
      metriks-librato_metrics (~> 1.0)

GIT
  remote: https://github.com/travis-ci/travis-support
  revision: 113cff17fe383bb72fcfae3a97a8ce98c228342f
  specs:
    travis-support (0.0.1)

GEM
  remote: https://gems.contribsys.com/
  specs:
    sidekiq-pro (5.1.1)
      connection_pool (>= 2.2.3)
      sidekiq (>= 6.1.0)

GEM
  remote: https://rubygems.org/
  specs:
    HDRHistogram (0.1.3)
    activemodel (5.2.6.2)
      activesupport (= 5.2.6.2)
    activerecord (5.2.6.2)
      activemodel (= 5.2.6.2)
      activesupport (= 5.2.6.2)
      arel (>= 9.0)
    activesupport (5.2.6.2)
      concurrent-ruby (~> 1.0, >= 1.0.2)
      i18n (>= 0.7, < 2)
      minitest (~> 5.1)
      tzinfo (~> 1.1)
    addressable (2.8.0)
      public_suffix (>= 2.0.2, < 5.0)
    amq-protocol (2.3.0)
    arel (9.0.0)
    atomic (1.1.99)
    avl_tree (1.2.1)
      atomic (~> 1.1)
    backports (3.23.0)
    bourne (1.6.0)
      mocha (~> 1.1)
    bunny (2.9.2)
      amq-protocol (~> 2.3.0)
    coder (0.4.0)
    coderay (1.1.2)
    concurrent-ruby (1.1.9)
    connection_pool (2.2.5)
    crack (0.4.5)
      rexml
    dalli (2.7.6)
    database_cleaner (1.7.0)
    diff-lcs (1.2.5)
    domain_name (0.5.20170404)
      unf (>= 0.0.5, < 1.0.0)
    factory_girl (4.7.0)
      activesupport (>= 3.0.0)
    faraday (1.10.0)
      faraday-em_http (~> 1.0)
      faraday-em_synchrony (~> 1.0)
      faraday-excon (~> 1.1)
      faraday-httpclient (~> 1.0)
      faraday-multipart (~> 1.0)
      faraday-net_http (~> 1.0)
      faraday-net_http_persistent (~> 1.0)
      faraday-patron (~> 1.0)
      faraday-rack (~> 1.0)
      faraday-retry (~> 1.0)
      ruby2_keywords (>= 0.0.4)
    faraday-em_http (1.0.0)
    faraday-em_synchrony (1.0.0)
    faraday-excon (1.1.0)
    faraday-httpclient (1.0.1)
    faraday-multipart (1.0.3)
      multipart-post (>= 1.2, < 3)
    faraday-net_http (1.0.1)
    faraday-net_http_persistent (1.2.0)
    faraday-patron (1.0.0)
    faraday-rack (1.0.0)
    faraday-retry (1.0.3)
    faraday_middleware (1.2.0)
      faraday (~> 1.0)
    hashdiff (1.0.1)
    hashr (2.0.0)
    hitimes (1.2.6)
    http (2.2.2)
      addressable (~> 2.3)
      http-cookie (~> 1.0)
      http-form_data (~> 1.0.1)
      http_parser.rb (~> 0.6.0)
    http-cookie (1.0.3)
      domain_name (~> 0.5)
    http-form_data (1.0.3)
    http_parser.rb (0.6.0)
    i18n (1.10.0)
      concurrent-ruby (~> 1.0)
    jwt (1.5.4)
    keen (0.7.8)
      multi_json (~> 1.0)
    libhoney (1.4.1)
      http (~> 2.0)
    metaclass (0.0.4)
    method_source (0.9.0)
    minitest (5.15.0)
    mocha (1.1.0)
      metaclass (~> 0.0.1)
    multi_json (1.15.0)
    multipart-post (2.1.1)
    mustermann (1.1.1)
      ruby2_keywords (~> 0.0.1)
    net-http-persistent (2.9.4)
    net-http-pipeline (1.0.1)
    nio4r (2.5.8)
    pg (1.3.2)
    pry (0.11.3)
      coderay (~> 1.1.0)
      method_source (~> 0.9.0)
    public_suffix (4.0.6)
    puma (5.6.4)
      nio4r (~> 2.0)
    rack (2.2.3)
    rack-protection (2.2.0)
      rack
    rack-ssl (1.4.1)
      rack
    rack-test (1.1.0)
      rack (>= 1.0, < 3)
    rake (13.0.1)
    redis (4.2.5)
    redis-namespace (1.8.1)
      redis (>= 3.0.4)
    redlock (1.2.2)
      redis (>= 3.0.0, < 5.0)
    rexml (3.2.5)
    rollout (1.1.0)
    rspec (3.5.0)
      rspec-core (~> 3.5.0)
      rspec-expectations (~> 3.5.0)
      rspec-mocks (~> 3.5.0)
    rspec-core (3.5.3)
      rspec-support (~> 3.5.0)
    rspec-expectations (3.5.0)
      diff-lcs (>= 1.2.0, < 2.0)
      rspec-support (~> 3.5.0)
    rspec-mocks (3.5.0)
      diff-lcs (>= 1.2.0, < 2.0)
      rspec-support (~> 3.5.0)
    rspec-support (3.5.0)
    ruby2_keywords (0.0.5)
    sentry-raven (3.1.2)
      faraday (>= 1.0)
    sidekiq (6.4.1)
      connection_pool (>= 2.2.2)
      rack (~> 2.0)
      redis (>= 4.2.0)
    sinatra (2.2.0)
      mustermann (~> 1.0)
      rack (~> 2.2)
      rack-protection (= 2.2.0)
      tilt (~> 2.0)
    sinatra-contrib (2.2.0)
      multi_json
      mustermann (~> 1.0)
      rack-protection (= 2.2.0)
      sinatra (= 2.2.0)
      tilt (~> 2.0)
    thread_safe (0.3.6)
    tilt (2.0.10)
    travis-encrypt (0.0.5)
    travis-rollout (0.0.2)
    tzinfo (1.2.9)
      thread_safe (~> 0.1)
    unf (0.1.4)
      unf_ext
    unf_ext (0.0.7.5)
    webmock (2.3.2)
      addressable (>= 2.3.6)
      crack (>= 0.3.2)
      hashdiff

PLATFORMS
  ruby

DEPENDENCIES
  activerecord (~> 5.2.6.1)
  addressable (~> 2.8.0)
  bourne
  bunny
  coder
  dalli
  database_cleaner
  factory_girl
  faraday
  faraday_middleware (~> 1.0)
  gh!
  jemalloc!
  jwt
  keen
  libhoney
  marginalia!
  metriks!
  metriks-librato_metrics!
  mocha
  multi_json
  pg
  pry
  puma (~> 5.6.2)
  rack (~> 2)
  rack-ssl
  rack-test
  rake
  redis (~> 4.2.0)
  redis-namespace (~> 1.8.1)
  redlock (~> 1.2.2)
  rollout (~> 1.1.0)
  rspec
  sentry-raven (~> 3.1.2)
  sidekiq (~> 6.4)
  sidekiq-pro (~> 5.1.1)!
  simple_states!
  sinatra (~> 2)
  sinatra-contrib
  travis-config!
  travis-encrypt
  travis-exceptions!
  travis-lock!
  travis-logger!
  travis-metrics!
  travis-rollout (~> 0.0.2)
  travis-support!
  webmock (~> 2.3.2)

RUBY VERSION
   ruby 2.5.9p362

BUNDLED WITH
   2.3.14
