GIT
  remote: git://github.com/jamesgolick/rollout
  revision: 3e7312cc018061b1ac6a8aeb9f11bbd0331da889
  ref: v1.1.0
  specs:
    rollout (1.1.0)

GIT
  remote: git://github.com/mattmatt/hubble
  revision: 5220415d5542a2868d54f7be9f35fc1d66126b8e
  specs:
    hubble (0.1.2)
      json (~> 1.6.5)

GIT
  remote: git://github.com/rkh/gh
  revision: a938b67c5f5a44940494b258b84775b0429315df
  specs:
    gh (0.3.0)
      backports (~> 2.3)
      faraday (~> 0.7)
      multi_json (~> 1.0)

GIT
  remote: git://github.com/travis-ci/travis-core
  revision: 9928fb8a7c2db64de6532eb9c7c65003e7031e01
  branch: refactoring-sven
  specs:
    travis-core (0.0.1)
      actionmailer (~> 3.2.3)
      activerecord (~> 3.2.3)
      data_migrations (~> 0.0.1)
      gh
      hashr (~> 0.0.19)
      metriks (~> 0.9.7)
      octokit (~> 0.6.5)
      postmark-rails (~> 0.4.1)
      pusher (~> 0.9.2)
      rabl (~> 0.5.1)
      railties (~> 3.2.3)
      rake (~> 0.9.2.2)
      redis (~> 2.2.2)
      rollout (~> 1.1.0)
      simple_states (~> 0.1.1)
      thor (~> 0.14.6)

GIT
  remote: git://github.com/travis-ci/travis-support
  revision: 58ccfbd9706f0247fb54e617dbfedc28eef798f2
  specs:
    travis-support (0.0.1)

GEM
  remote: http://rubygems.org/
  specs:
    actionmailer (3.2.3)
      actionpack (= 3.2.3)
      mail (~> 2.4.4)
    actionpack (3.2.3)
      activemodel (= 3.2.3)
      activesupport (= 3.2.3)
      builder (~> 3.0.0)
      erubis (~> 2.7.0)
      journey (~> 1.0.1)
      rack (~> 1.4.0)
      rack-cache (~> 1.2)
      rack-test (~> 0.6.1)
      sprockets (~> 2.1.2)
    activemodel (3.2.3)
      activesupport (= 3.2.3)
      builder (~> 3.0.0)
    activerecord (3.2.3)
      activemodel (= 3.2.3)
      activesupport (= 3.2.3)
      arel (~> 3.0.2)
      tzinfo (~> 0.3.29)
    activerecord-jdbc-adapter (1.2.2)
    activerecord-jdbcpostgresql-adapter (1.2.2)
      activerecord-jdbc-adapter (~> 1.2.2)
      jdbc-postgres (>= 9.0, < 9.2)
    activesupport (3.2.3)
      i18n (~> 0.6)
      multi_json (~> 1.0)
    addressable (2.2.8)
    arel (3.0.2)
    atomic (1.0.1)
    atomic (1.0.1-java)
    avl_tree (1.1.2)
    backports (2.5.1)
    bouncy-castle-java (1.5.0146.1)
    builder (3.0.0)
    crack (0.3.1)
    data_migrations (0.0.1)
      activerecord
      rake
    database_cleaner (0.7.2)
    diff-lcs (1.1.3)
    erubis (2.7.0)
    faraday (0.7.6)
      addressable (~> 2.2)
      multipart-post (~> 1.1)
      rack (~> 1.1)
    faraday_middleware (0.7.0)
      faraday (~> 0.7.3)
    hashie (1.2.0)
    hashr (0.0.21)
    hike (1.2.1)
    hitimes (1.1.1)
    hitimes (1.1.1-java)
    hot_bunnies (1.3.7-java)
    i18n (0.6.0)
    jdbc-postgres (9.1.901)
    journey (1.0.3)
    jruby-openssl (0.7.6.1)
      bouncy-castle-java (>= 1.5.0146.1)
    json (1.6.7)
    json (1.6.7-java)
    mail (2.4.4)
      i18n (>= 0.4.0)
      mime-types (~> 1.16)
      treetop (~> 1.4.8)
    metaclass (0.0.1)
    metriks (0.9.8.3)
      atomic (~> 1.0)
      avl_tree (~> 1.1.2)
      hitimes (~> 1.1)
    mime-types (1.18)
    mocha (0.10.5)
      metaclass (~> 0.0.1)
    multi_json (1.0.4)
    multipart-post (1.1.5)
    newrelic_rpm (3.3.4.1)
    octokit (0.6.5)
      addressable (~> 2.2.6)
      faraday (~> 0.7.4)
      faraday_middleware (~> 0.7.0)
      hashie (~> 1.2.0)
      multi_json (~> 1.0.2)
    polyglot (0.3.3)
    postmark (0.9.10)
    postmark-rails (0.4.1)
      actionmailer
      postmark (>= 0.9.0)
      rake
    pusher (0.9.2)
      multi_json (~> 1.0)
      ruby-hmac (~> 0.4.0)
      signature (~> 0.1.2)
    rabl (0.5.4)
      activesupport (>= 2.3.14)
      multi_json (~> 1.0.3)
    rack (1.4.1)
    rack-cache (1.2)
      rack (>= 0.4)
    rack-ssl (1.3.2)
      rack
    rack-test (0.6.1)
      rack (>= 1.0)
    railties (3.2.3)
      actionpack (= 3.2.3)
      activesupport (= 3.2.3)
      rack-ssl (~> 1.3.2)
      rake (>= 0.8.7)
      rdoc (~> 3.4)
      thor (~> 0.14.6)
    rake (0.9.2.2)
    rdoc (3.12)
      json (~> 1.4)
    redis (2.2.2)
    rspec (2.7.0)
      rspec-core (~> 2.7.0)
      rspec-expectations (~> 2.7.0)
      rspec-mocks (~> 2.7.0)
    rspec-core (2.7.1)
    rspec-expectations (2.7.0)
      diff-lcs (~> 1.1.2)
    rspec-mocks (2.7.0)
    ruby-hmac (0.4.0)
    signature (0.1.2)
      ruby-hmac
    simple_states (0.1.1)
      activesupport
      hashr (~> 0.0.10)
    sprockets (2.1.3)
      hike (~> 1.2)
      rack (~> 1.0)
      tilt (~> 1.1, != 1.3.0)
    thor (0.14.6)
    tilt (1.3.3)
    treetop (1.4.10)
      polyglot
      polyglot (>= 0.3.1)
    tzinfo (0.3.33)
    webmock (1.8.6)
      addressable (>= 2.2.7)
      crack (>= 0.1.7)

PLATFORMS
  java
  ruby

DEPENDENCIES
  activerecord-jdbcpostgresql-adapter (~> 1.2.2)
  database_cleaner (~> 0.7.1)
  gh!
  hot_bunnies (~> 1.3.4)
  hubble!
  jruby-openssl (~> 0.7.4)
  mocha (~> 0.10.0)
  newrelic_rpm (~> 3.3.2)
  rollout!
  rspec (~> 2.7.0)
  travis-core!
  travis-support!
  webmock (~> 1.8.0)
