GIT
  remote: https://github.com/svenfuchs/simple_states
  revision: 240cebde9178f7e8a520e3566ed9875bf69799ac
  specs:
    simple_states (2.0.1)

GIT
  remote: https://github.com/travis-ci/travis-config
  revision: a64596623f8f8ee70838a4dc4d7803906a049733
  specs:
    travis-config (1.0.13)
      hashr (~> 2.0.0)

GIT
  remote: https://github.com/travis-ci/travis-exceptions
  revision: 71b11939f1f3b86d1e2fd94f3b9b8f78af290e12
  specs:
    travis-exceptions (0.0.2)
      sentry-raven

GIT
  remote: https://github.com/travis-ci/travis-instrumentation
  revision: b068fa1b54752a829ceb35532bf5dda85d947f01
  specs:
    travis-instrumentation (0.0.1)
      activesupport (~> 4)
      travis-metrics (~> 0)

GIT
  remote: https://github.com/travis-ci/travis-lock
  revision: b418401c79e082aa53a62364f7b01a9be6f0d768
  specs:
    travis-lock (0.1.1)

GIT
  remote: https://github.com/travis-ci/travis-logger
  revision: 765046a4746617a70395fe2200e8a91dc416f1b3
  specs:
    travis-logger (0.0.1)

GIT
  remote: https://github.com/travis-ci/travis-metrics
  revision: 37eac93bd1e9bd949a9842f28154c335ebeda42a
  specs:
    travis-metrics (0.0.1)
      metriks-librato_metrics (~> 1.0)

GIT
  remote: https://github.com/travis-ci/travis-support
  revision: 113cff17fe383bb72fcfae3a97a8ce98c228342f
  specs:
    travis-support (0.0.1)

GEM
  remote: https://rubygems.org/
  remote: https://gems.contribsys.com/
  specs:
    activemodel (4.2.8)
      activesupport (= 4.2.8)
      builder (~> 3.1)
    activerecord (4.2.8)
      activemodel (= 4.2.8)
      activesupport (= 4.2.8)
      arel (~> 6.0)
    activesupport (4.2.8)
      i18n (~> 0.7)
      minitest (~> 5.1)
      thread_safe (~> 0.3, >= 0.3.4)
      tzinfo (~> 1.1)
    addressable (2.4.0)
    amq-protocol (2.0.1)
    arel (6.0.4)
    atomic (1.1.99)
    avl_tree (1.2.1)
      atomic (~> 1.1)
    backports (3.8.0)
    bourne (1.6.0)
      mocha (~> 1.1)
    builder (3.2.3)
    bunny (2.5.1)
      amq-protocol (>= 2.0.1)
    coder (0.4.0)
    concurrent-ruby (1.0.2)
    connection_pool (2.2.0)
    crack (0.4.3)
      safe_yaml (~> 1.0.0)
    dalli (2.7.6)
    database_cleaner (1.5.3)
    diff-lcs (1.2.5)
    factory_girl (4.7.0)
      activesupport (>= 3.0.0)
    faraday (0.12.1)
      multipart-post (>= 1.2, < 3)
    gh (0.15.1)
      addressable (~> 2.4.0)
      backports
      faraday (~> 0.8)
      multi_json (~> 1.0)
      net-http-persistent (~> 2.9)
      net-http-pipeline
    hashdiff (0.3.0)
    hashr (2.0.0)
    hitimes (1.2.4)
    i18n (0.8.1)
    jemalloc (1.0.1)
    jwt (1.5.4)
    keen (0.7.8)
      multi_json (~> 1.0)
    metaclass (0.0.4)
    metriks (0.9.9.7)
      atomic (~> 1.0)
      avl_tree (~> 1.2.0)
      hitimes (~> 1.1)
    metriks-librato_metrics (1.0.5)
      metriks (>= 0.9.9.6)
    minitest (5.10.2)
    mocha (1.1.0)
      metaclass (~> 0.0.1)
    multi_json (1.12.1)
    multipart-post (2.0.0)
    net-http-persistent (2.9.4)
    net-http-pipeline (1.0.1)
    pg (0.19.0)
    puma (3.6.0)
    rack (1.6.8)
    rack-protection (1.5.3)
      rack
    rack-ssl (1.4.1)
      rack
    rack-test (0.6.3)
      rack (>= 1.0)
    rake (11.3.0)
    redis (3.3.3)
    redis-namespace (1.5.2)
      redis (~> 3.0, >= 3.0.4)
    redlock (0.1.8)
      redis (~> 3, >= 3.0.0)
    rspec (3.5.0)
      rspec-core (~> 3.5.0)
      rspec-expectations (~> 3.5.0)
      rspec-mocks (~> 3.5.0)
    rspec-core (3.5.3)
      rspec-support (~> 3.5.0)
    rspec-expectations (3.5.0)
      diff-lcs (>= 1.2.0, < 2.0)
      rspec-support (~> 3.5.0)
    rspec-mocks (3.5.0)
      diff-lcs (>= 1.2.0, < 2.0)
      rspec-support (~> 3.5.0)
    rspec-support (3.5.0)
    safe_yaml (1.0.4)
    sentry-raven (2.4.0)
      faraday (>= 0.7.6, < 1.0)
    sidekiq (4.1.4)
      concurrent-ruby (~> 1.0)
      connection_pool (~> 2.2, >= 2.2.0)
      redis (~> 3.2, >= 3.2.1)
      sinatra (>= 1.4.7)
    sidekiq-pro (3.3.3)
      sidekiq (>= 4.0.0)
    sinatra (1.4.8)
      rack (~> 1.5)
      rack-protection (~> 1.4)
      tilt (>= 1.3, < 3)
    sinatra-contrib (1.4.7)
      backports (>= 2.0)
      multi_json
      rack-protection
      rack-test
      sinatra (~> 1.4.0)
      tilt (>= 1.3, < 3)
    thread_safe (0.3.6)
    tilt (2.0.8)
    travis-encrypt (0.0.5)
    tzinfo (1.2.3)
      thread_safe (~> 0.1)
    webmock (2.1.0)
      addressable (>= 2.3.6)
      crack (>= 0.3.2)
      hashdiff

PLATFORMS
  ruby

DEPENDENCIES
  activerecord
  bourne
  bunny
  coder
  dalli
  database_cleaner
  factory_girl
  faraday
  gh
  jemalloc
  jwt
  keen
  metriks-librato_metrics
  mocha
  multi_json
  pg
  puma
  rack-ssl
  rake
  redis
  redis-namespace
  redlock
  rspec
  sentry-raven
  sidekiq-pro!
  simple_states!
  sinatra
  sinatra-contrib
  travis-config!
  travis-encrypt
  travis-exceptions!
  travis-instrumentation!
  travis-lock!
  travis-logger!
  travis-metrics!
  travis-support!
  webmock

RUBY VERSION
   ruby 2.4.1p111

BUNDLED WITH
   1.15.3
