GIT
  remote: git://github.com/getsentry/raven-ruby.git
  revision: eb1a0072af1132594c574cc6a64618cf900e4810
  specs:
    sentry-raven (0.5.0)
      faraday (>= 0.7.6)
      hashie (>= 1.1.0)
      uuidtools

GIT
  remote: git://github.com/jamesgolick/rollout.git
  revision: 3e7312cc018061b1ac6a8aeb9f11bbd0331da889
  ref: v1.1.0
  specs:
    rollout (1.1.0)

GIT
  remote: git://github.com/rkh/coder.git
  revision: 44b0cf89b98caecc654dd1a724a448e17ef7aa6c
  specs:
    coder (0.4.0)

GIT
  remote: git://github.com/travis-ci/travis-core.git
  revision: 0a194c97c857a39c03a5a02eec283e751099d402
  specs:
    travis-core (0.0.1)
      actionmailer (~> 3.2.12)
      activerecord (~> 3.2.12)
      coder (~> 0.4.0)
      data_migrations (~> 0.0.1)
      gh
      hashr (~> 0.0.19)
      metriks (~> 0.9.7)
      multi_json
      pusher (~> 0.11.0)
      railties (~> 3.2.12)
      rake
      redis (~> 3.0)
      rollout (~> 1.1.0)
      simple_states (~> 1.0.0)
      thor (~> 0.14.6)

GIT
  remote: git://github.com/travis-ci/travis-sidekiqs.git
  revision: 9eb425e794258c12f452ec7f9321f5dc77f4b17e
  specs:
    travis-sidekiqs (0.0.1)
      sidekiq (~> 2.8.0)

GIT
  remote: git://github.com/travis-ci/travis-support.git
  revision: c0add49c71ff3c788b4b7e5b63c11d3896d9847d
  specs:
    travis-support (0.0.1)

GEM
  remote: https://rubygems.org/
  specs:
    actionmailer (3.2.13)
      actionpack (= 3.2.13)
      mail (~> 2.5.3)
    actionpack (3.2.13)
      activemodel (= 3.2.13)
      activesupport (= 3.2.13)
      builder (~> 3.0.0)
      erubis (~> 2.7.0)
      journey (~> 1.0.4)
      rack (~> 1.4.5)
      rack-cache (~> 1.2)
      rack-test (~> 0.6.1)
      sprockets (~> 2.2.1)
    activemodel (3.2.13)
      activesupport (= 3.2.13)
      builder (~> 3.0.0)
    activerecord (3.2.13)
      activemodel (= 3.2.13)
      activesupport (= 3.2.13)
      arel (~> 3.0.2)
      tzinfo (~> 0.3.29)
    activerecord-jdbc-adapter (1.2.9)
    activerecord-jdbcpostgresql-adapter (1.2.9)
      activerecord-jdbc-adapter (~> 1.2.9)
      jdbc-postgres (>= 9.1, < 9.3)
    activesupport (3.2.13)
      i18n (= 0.6.1)
      multi_json (~> 1.0)
    addressable (2.3.5)
    arel (3.0.2)
    atomic (1.1.10)
    atomic (1.1.10-java)
    avl_tree (1.1.3)
    backports (3.3.3)
    bouncy-castle-java (1.5.0147)
    builder (3.0.4)
    celluloid (0.12.4)
      facter (>= 1.6.12)
      timers (>= 1.0.0)
    coderay (1.0.9)
    connection_pool (1.1.0)
    crack (0.4.0)
      safe_yaml (~> 0.9.0)
    dalli (2.6.4)
    data_migrations (0.0.1)
      activerecord
      rake
    database_cleaner (0.8.0)
    diff-lcs (1.1.3)
    erubis (2.7.0)
    facter (1.7.2)
    faraday (0.8.7)
      multipart-post (~> 1.1)
    ffi (1.9.0)
    ffi (1.9.0-java)
    formatador (0.2.4)
    gh (0.11.3)
      addressable
      backports
      faraday (~> 0.8)
      multi_json (~> 1.0)
      net-http-persistent (>= 2.7)
      net-http-pipeline
    guard (1.8.1)
      formatador (>= 0.2.4)
      listen (>= 1.0.0)
      lumberjack (>= 1.0.2)
      pry (>= 0.9.10)
      thor (>= 0.14.6)
    guard-rspec (1.2.1)
      guard (>= 1.1)
    hashie (2.0.5)
    hashr (0.0.22)
    hike (1.2.3)
    hitimes (1.2.1)
    hitimes (1.2.1-java)
    hot_bunnies (1.4.0-java)
    i18n (0.6.1)
    jdbc-postgres (9.2.1002.1)
    journey (1.0.4)
    jruby-openssl (0.8.8)
      bouncy-castle-java (>= 1.5.0147)
    json (1.8.0)
    json (1.8.0-java)
    listen (1.2.2)
      rb-fsevent (>= 0.9.3)
      rb-inotify (>= 0.9)
      rb-kqueue (>= 0.2)
    lumberjack (1.0.4)
    mail (2.5.4)
      mime-types (~> 1.16)
      treetop (~> 1.4.8)
    metaclass (0.0.1)
    method_source (0.8.1)
    metriks (0.9.9.5)
      atomic (~> 1.0)
      avl_tree (~> 1.1.2)
      hitimes (~> 1.1)
    micro_migrations (0.0.1)
    mime-types (1.23)
    mocha (0.10.5)
      metaclass (~> 0.0.1)
    multi_json (1.7.7)
    multipart-post (1.2.0)
    net-http-persistent (2.8)
    net-http-pipeline (1.0.1)
    newrelic_rpm (3.4.2.1)
    polyglot (0.3.3)
    pry (0.9.12.2)
      coderay (~> 1.0.5)
      method_source (~> 0.8)
      slop (~> 3.4)
    pry (0.9.12.2-java)
      coderay (~> 1.0.5)
      method_source (~> 0.8)
      slop (~> 3.4)
      spoon (~> 0.0)
    pusher (0.11.3)
      multi_json (~> 1.0)
      signature (~> 0.1.6)
    rack (1.4.5)
    rack-cache (1.2)
      rack (>= 0.4)
    rack-ssl (1.3.3)
      rack
    rack-test (0.6.2)
      rack (>= 1.0)
    railties (3.2.13)
      actionpack (= 3.2.13)
      activesupport (= 3.2.13)
      rack-ssl (~> 1.3.2)
      rake (>= 0.8.7)
      rdoc (~> 3.4)
      thor (>= 0.14.6, < 2.0)
    rake (10.1.0)
    rb-fsevent (0.9.3)
    rb-inotify (0.9.0)
      ffi (>= 0.5.0)
    rb-kqueue (0.2.0)
      ffi (>= 0.5.0)
    rdoc (3.12.2)
      json (~> 1.4)
    redis (3.0.4)
    redis-namespace (1.3.0)
      redis (~> 3.0.0)
    rspec (2.7.0)
      rspec-core (~> 2.7.0)
      rspec-expectations (~> 2.7.0)
      rspec-mocks (~> 2.7.0)
    rspec-core (2.7.1)
    rspec-expectations (2.7.0)
      diff-lcs (~> 1.1.2)
    rspec-mocks (2.7.0)
    safe_yaml (0.9.5)
    sidekiq (2.8.0)
      celluloid (~> 0.12.0)
      connection_pool (~> 1.0)
      multi_json (~> 1)
      redis (~> 3)
      redis-namespace
    signature (0.1.7)
    simple_states (1.0.0)
      activesupport
      hashr (~> 0.0.10)
    slop (3.4.5)
    spoon (0.0.4)
      ffi
    sprockets (2.2.2)
      hike (~> 1.2)
      multi_json (~> 1.0)
      rack (~> 1.0)
      tilt (~> 1.1, != 1.3.0)
    thor (0.14.6)
    tilt (1.4.1)
    timers (1.1.0)
    treetop (1.4.14)
      polyglot
      polyglot (>= 0.3.1)
    tzinfo (0.3.37)
    uuidtools (2.1.4)
    webmock (1.8.11)
      addressable (>= 2.2.7)
      crack (>= 0.1.7)

PLATFORMS
  java

DEPENDENCIES
  activerecord-jdbcpostgresql-adapter (~> 1.2.9)
  coder!
  dalli
  database_cleaner (~> 0.8.0)
  guard
  guard-rspec
  hot_bunnies (~> 1.4.0)
  jruby-openssl (~> 0.8.8)
  micro_migrations
  mocha (~> 0.10.0)
  newrelic_rpm (~> 3.4.2)
  rollout!
  rspec (~> 2.7.0)
  sentry-raven!
  sidekiq
  travis-core!
  travis-sidekiqs!
  travis-support!
  webmock (~> 1.8.0)
